GEM
  remote: https://rubygems.org/
  specs:
    charmkit (0.4.1)
    rake (11.3.0)

PLATFORMS
  ruby

DEPENDENCIES
  charmkit (~> 0.4.0)
  rake

BUNDLED WITH
   1.13.6
