GIT
  remote: git://github.com/charmkit/charmkit-scrolls-nginx.git
  revision: d0a7493d4832de2588a136afb8b312569b8a1158
  specs:
    charmkit-scroll-nginx (0.2.0)

GIT
  remote: git://github.com/charmkit/charmkit.git
  revision: 621c0d7c878dcf5a72f6cfca4f1080a919899fbf
  specs:
    charmkit (1.0.2)
      activesupport
      thor
      tty-command (~> 0.2.0)

GEM
  remote: https://rubygems.org/
  specs:
    activesupport (5.0.1)
      concurrent-ruby (~> 1.0, >= 1.0.2)
      i18n (~> 0.7)
      minitest (~> 5.1)
      tzinfo (~> 1.1)
    concurrent-ruby (1.0.4)
    diff-lcs (1.3)
    equatable (0.5.0)
    i18n (0.7.0)
    minitest (5.10.1)
    pastel (0.6.1)
      equatable (~> 0.5.0)
      tty-color (~> 0.3.0)
    rake (12.0.0)
    rspec (3.5.0)
      rspec-core (~> 3.5.0)
      rspec-expectations (~> 3.5.0)
      rspec-mocks (~> 3.5.0)
    rspec-core (3.5.4)
      rspec-support (~> 3.5.0)
    rspec-expectations (3.5.0)
      diff-lcs (>= 1.2.0, < 2.0)
      rspec-support (~> 3.5.0)
    rspec-mocks (3.5.0)
      diff-lcs (>= 1.2.0, < 2.0)
      rspec-support (~> 3.5.0)
    rspec-support (3.5.0)
    thor (0.19.4)
    thread_safe (0.3.5)
    tty-color (0.3.0)
    tty-command (0.2.0)
      pastel (~> 0.6.0)
    tzinfo (1.2.2)
      thread_safe (~> 0.1)

PLATFORMS
  ruby

DEPENDENCIES
  charmkit!
  charmkit-scroll-nginx!
  rake
  rspec

BUNDLED WITH
   1.13.7
